GEM
  remote: https://rubygems.org/
  specs:
    activemodel (3.2.13)
      activesupport (= 3.2.13)
      builder (~> 3.0.0)
    activesupport (3.2.13)
      i18n (= 0.6.1)
      multi_json (~> 1.0)
    addressable (2.3.4)
    bson (1.9.0)
    bson_ext (1.9.0)
      bson (~> 1.9.0)
    builder (3.0.4)
    crack (0.4.0)
      safe_yaml (~> 0.9.0)
    curb (0.8.4)
    diff-lcs (1.2.4)
    i18n (0.6.1)
    json (1.8.0)
    meme_captain (0.2.0)
      bson_ext
      curb
      json
      mime-types
      mongo
      mongo_mapper
      rack
      rack-contrib
      rack-rewrite
      rmagick
      sinatra
    mime-types (1.23)
    mongo (1.9.0)
      bson (~> 1.9.0)
    mongo_mapper (0.12.0)
      activemodel (~> 3.0)
      activesupport (~> 3.0)
      plucky (~> 0.5.2)
    multi_json (1.7.7)
    plucky (0.5.2)
      mongo (~> 1.5)
    rack (1.5.2)
    rack-contrib (1.1.0)
      rack (>= 0.9.1)
    rack-protection (1.5.0)
      rack
    rack-rewrite (1.3.3)
    rake (10.1.0)
    rmagick (2.13.2)
    rspec (2.13.0)
      rspec-core (~> 2.13.0)
      rspec-expectations (~> 2.13.0)
      rspec-mocks (~> 2.13.0)
    rspec-core (2.13.1)
    rspec-expectations (2.13.0)
      diff-lcs (>= 1.1.3, < 2.0)
    rspec-mocks (2.13.1)
    safe_yaml (0.9.3)
    sinatra (1.4.3)
      rack (~> 1.4)
      rack-protection (~> 1.4)
      tilt (~> 1.3, >= 1.3.4)
    tilt (1.4.1)
    webmock (1.12.0)
      addressable (>= 2.2.7)
      crack (>= 0.3.2)

PLATFORMS
  ruby

DEPENDENCIES
  bson_ext
  curb
  json
  meme_captain
  mime-types
  mongo
  mongo_mapper
  rack
  rack-contrib
  rack-rewrite
  rake
  rmagick
  rspec
  sinatra
  webmock
